PATH
  remote: .
  specs:
    android_parser (2.5.0)
      rubyzip (>= 1.0, < 3.0)

GEM
  remote: http://rubygems.org/
  specs:
    awesome_print (1.9.2)
    debase (0.2.4.1)
      debase-ruby_core_source (>= 0.10.2)
    debase-ruby_core_source (0.10.13)
    diff-lcs (1.4.4)
    rake (13.0.6)
    rspec-collection_matchers (1.2.0)
      rspec-expectations (>= 2.99.0.beta1)
    rspec-core (3.10.1)
      rspec-support (~> 3.10.0)
    rspec-expectations (3.10.1)
      diff-lcs (>= 1.2.0, < 2.0)
      rspec-support (~> 3.10.0)
    rspec-its (1.3.0)
      rspec-core (>= 3.0.0)
      rspec-expectations (>= 3.0.0)
    rspec-mocks (3.10.2)
      diff-lcs (>= 1.2.0, < 2.0)
      rspec-support (~> 3.10.0)
    rspec-support (3.10.3)
    ruby-debug-ide (0.7.3)
      rake (>= 0.8.1)
    rubyzip (2.3.2)

PLATFORMS
  x86_64-darwin-20

DEPENDENCIES
  android_parser!
  awesome_print
  bundler (>= 1.12)
  debase
  rake (>= 10.0)
  rspec-collection_matchers (>= 1.1.0)
  rspec-its (>= 1.2.0)
  rspec-mocks (>= 3.6.0)
  ruby-debug-ide

BUNDLED WITH
   2.2.25
